GEM
  remote: http://rubygems.org/
  specs:
    bluecloth (2.1.0)
    bluecloth (2.1.0-x86-mingw32)
    builder (3.0.0)
    childprocess (0.2.0)
      ffi (~> 1.0.6)
    cucumber (1.0.2)
      builder (>= 2.1.2)
      diff-lcs (>= 1.1.2)
      gherkin (~> 2.4.5)
      json (>= 1.4.6)
      term-ansicolor (>= 1.0.5)
    diff-lcs (1.1.2)
    ffi (1.0.9)
    ffi (1.0.9-x86-mingw32)
    gherkin (2.4.5)
      json (>= 1.4.6)
    gherkin (2.4.5-x86-mingw32)
      json (>= 1.4.6)
    git (1.2.5)
    jeweler (1.5.2)
      bundler (~> 1.0.0)
      git (>= 1.2.5)
      rake
    json (1.5.3)
    json_pure (1.5.3)
    rake (0.9.2)
    rcov (0.9.9)
    rspec (2.6.0)
      rspec-core (~> 2.6.0)
      rspec-expectations (~> 2.6.0)
      rspec-mocks (~> 2.6.0)
    rspec-core (2.6.4)
    rspec-expectations (2.6.0)
      diff-lcs (~> 1.1.2)
    rspec-mocks (2.6.0)
    rubyzip (0.9.4)
    selenium-webdriver (2.2.0)
      childprocess (>= 0.1.9)
      ffi (>= 1.0.7)
      json_pure
      rubyzip
    term-ansicolor (1.0.6)
    watir-webdriver (0.2.8)
      selenium-webdriver (>= 0.2.2)
    yard (0.6.8)

PLATFORMS
  ruby
  x86-mingw32

DEPENDENCIES
  bluecloth
  bundler (~> 1.0.0)
  cucumber
  jeweler (~> 1.5.2)
  rcov
  rspec
  watir-webdriver (>= 0.2.0)
  yard
